GEM
  remote: http://rubygems.org/
  specs:
    diff-lcs (1.1.2)
    ether_ping (0.3.1)
      ethernet (>= 0.1.0)
    ethernet (0.1.3)
      ffi (>= 1.0.0)
    ffi (1.0.9)
    git (1.2.5)
    jeweler (1.6.1)
      bundler (~> 1.0.0)
      git (>= 1.2.5)
      rake
    rake (0.9.0)
    rcov (0.9.9)
    rdoc (3.6.1)
    rspec (2.6.0)
      rspec-core (~> 2.6.0)
      rspec-expectations (~> 2.6.0)
      rspec-mocks (~> 2.6.0)
    rspec-core (2.6.3)
    rspec-expectations (2.6.0)
      diff-lcs (~> 1.1.2)
    rspec-mocks (2.6.0)

PLATFORMS
  ruby

DEPENDENCIES
  bundler (~> 1.0.14)
  ether_ping (~> 0.3.1)
  jeweler (~> 1.6.1)
  rcov
  rdoc (>= 3.6.1)
  rspec (~> 2.6.0)
